{
  "Modality": "MR",
  "MagneticFieldStrength": 3,
  "ImagingFrequency": 123.263,
  "Manufacturer": "Siemens",
  "ManufacturersModelName": "TrioTim",
  "InstitutionName": "Brigham_Young_University",
  "InstitutionalDepartmentName": "MRI",
  "InstitutionAddress": "University_Pkwy_1700_North_685_Provo_336C48_UT_US_84601",
  "DeviceSerialNumber": "35002",
  "StationName": "MRC35002",
  "PatientPosition": "HFS",
  "ProcedureStepDescription": "Research_KIRWAN",
  "SoftwareVersions": "syngo_MR_B17",
  "MRAcquisitionType": "2D",
  "SeriesDescription": "Reverse_Blip_2",
  "ProtocolName": "Reverse_Blip_2",
  "ScanningSequence": "EP",
  "SequenceVariant": "SK_SS",
  "ScanOptions": "FS",
  "SequenceName": "epfid2d1_100",
  "ImageType": [
    "ORIGINAL",
    "PRIMARY",
    "M",
    "MB",
    "ND",
    "MOSAIC"
  ],
  "SeriesNumber": 6,
  "AcquisitionTime": "11:48:15.890000",
  "AcquisitionNumber": 1,
  "ImageComments": "Unaliased_MB4_PE3_(remote)",
  "SliceThickness": 1.8,
  "SpacingBetweenSlices": 1.8,
  "SAR": 0.0959215,
  "EchoTime": 0.0452,
  "RepetitionTime": 2.2,
  "FlipAngle": 90,
  "PartialFourier": 1,
  "BaseResolution": 100,
  "ShimSetting": [
    -2739,
    -22908,
    2230,
    633,
    24,
    121,
    -329,
    338
  ],
  "TxRefAmp": 327.15,
  "PhaseResolution": 1,
  "VendorReportedEchoSpacing": 0.00075,
  "ReceiveCoilName": "32Ch_Head",
  "CoilString": "C:HEA;HEP",
  "PulseSequenceDetails": "%CustomerSeq%_cmrr_mbep2d_bold",
  "MultibandAccelerationFactor": 4,
  "PercentPhaseFOV": 100,
  "PhaseEncodingSteps": 100,
  "AcquisitionMatrixPE": 100,
  "ReconMatrixPE": 100,
  "BandwidthPerPixelPhaseEncode": 13.333,
  "EffectiveEchoSpacing": 0.000750019,
  "DerivedVendorReportedEchoSpacing": 0.000750019,
  "TotalReadoutTime": 0.0742519,
  "PixelBandwidth": 1786,
  "DwellTime": 2.8e-06,
  "PhaseEncodingDirection": "j",
  "SliceTiming": [
    0,
    1.595,
    0.98,
    0.3675,
    1.9625,
    1.3475,
    0.735,
    0.1225,
    1.7175,
    1.1025,
    0.49,
    2.085,
    1.47,
    0.8575,
    0.245,
    1.84,
    1.225,
    0.6125,
    0,
    1.595,
    0.98,
    0.3675,
    1.9625,
    1.3475,
    0.735,
    0.1225,
    1.7175,
    1.1025,
    0.49,
    2.085,
    1.47,
    0.8575,
    0.245,
    1.84,
    1.225,
    0.6125,
    0,
    1.595,
    0.98,
    0.3675,
    1.9625,
    1.3475,
    0.735,
    0.1225,
    1.7175,
    1.1025,
    0.49,
    2.085,
    1.47,
    0.8575,
    0.245,
    1.84,
    1.225,
    0.6125,
    0,
    1.595,
    0.98,
    0.3675,
    1.9625,
    1.3475,
    0.735,
    0.1225,
    1.7175,
    1.1025,
    0.49,
    2.085,
    1.47,
    0.8575,
    0.245,
    1.84,
    1.225,
    0.6125
  ],
  "ImageOrientationPatientDICOM": [
    1,
    0.000362227,
    -0.000810021,
    -2.87036e-09,
    0.912883,
    0.408221
  ],
  "InPlanePhaseEncodingDirectionDICOM": "COL",
  "ConversionSoftware": "dcm2niix",
  "ConversionSoftwareVersion": "v1.0.20190902",
  "IntendedFor": [
    "func/sub-3970_task-TemporalMST_run-1_bold.nii.gz",
    "func/sub-3970_task-TemporalMST_run-2_bold.nii.gz",
    "func/sub-3970_task-TemporalMST_run-3_bold.nii.gz"
  ]
}
