{
	"Modality": "MR",
	"MagneticFieldStrength": 3,
	"ImagingFrequency": 123.263,
	"Manufacturer": "Siemens",
	"ManufacturersModelName": "TrioTim",
	"InstitutionName": "Brigham_Young_University",
	"InstitutionalDepartmentName": "MRI",
	"InstitutionAddress": "University_Pkwy_1700_North_685_Provo_336C48_UT_US_84601",
	"DeviceSerialNumber": "35002",
	"StationName": "MRC35002",
	"PatientPosition": "HFS",
	"ProcedureStepDescription": "Research_KIRWAN",
	"SoftwareVersions": "syngo_MR_B17",
	"MRAcquisitionType": "2D",
	"SeriesDescription": "HHR_struct_MODIFIED",
	"ProtocolName": "HHR_struct_MODIFIED",
	"ScanningSequence": "SE",
	"SequenceVariant": "SK_SP_OSP",
	"SequenceName": "_tse2d1_15",
	"ImageType": ["ORIGINAL", "PRIMARY", "M", "ND"],
	"SeriesNumber": 10,
	"AcquisitionTime": "10:19:24.802500",
	"AcquisitionNumber": 1,
	"SliceThickness": 2,
	"SpacingBetweenSlices": 2,
	"SAR": 0.756909,
	"EchoTime": 0.08,
	"RepetitionTime": 8.02,
	"FlipAngle": 147,
	"PartialFourier": 1,
	"BaseResolution": 384,
	"ShimSetting": [
		-2764,
		-22811,
		2434,
		762,
		-35,
		398,
		-490,
		302	],
	"TxRefAmp": 338.853,
	"PhaseResolution": 1,
	"PhaseOversampling": 0.99,
	"ReceiveCoilName": "32Ch_Head",
	"CoilString": "C:HEA;HEP",
	"PulseSequenceDetails": "%SiemensSeq%_tse",
	"PercentPhaseFOV": 100,
	"EchoTrainLength": 15,
	"PhaseEncodingSteps": 765,
	"AcquisitionMatrixPE": 384,
	"ReconMatrixPE": 384,
	"PixelBandwidth": 99,
	"DwellTime": 1.32e-05,
	"PhaseEncodingDirection": "i",
	"SliceTiming": [
		4.02344,
		0,
		4.28906,
		0.26562,
		4.5625,
		0.53125,
		4.82812,
		0.80469,
		5.09375,
		1.07031,
		5.36719,
		1.33594,
		5.63281,
		1.60938,
		5.89844,
		1.875,
		6.17188,
		2.14062,
		6.4375,
		2.41406,
		6.70312,
		2.67969,
		6.97656,
		2.94531,
		7.24219,
		3.21875,
		7.50781,
		3.48438,
		7.78125,
		3.75	],
	"ImageOrientationPatientDICOM": [
		0.999967,
		0.00815306,
		-5.16581e-11,
		-0.00421123,
		0.516504,
		-0.856275	],
	"InPlanePhaseEncodingDirectionDICOM": "ROW",
	"ConversionSoftware": "dcm2niix",
	"ConversionSoftwareVersion": "v1.0.20190902"
}
