{
  "Modality": "MR",
  "MagneticFieldStrength": 3,
  "ImagingFrequency": 123.263,
  "Manufacturer": "Siemens",
  "ManufacturersModelName": "TrioTim",
  "InstitutionName": "Brigham_Young_University",
  "InstitutionalDepartmentName": "MRI",
  "InstitutionAddress": "University_Pkwy_1700_North_685_Provo_336C48_UT_US_84601",
  "DeviceSerialNumber": "35002",
  "StationName": "MRC35002",
  "PatientPosition": "HFS",
  "ProcedureStepDescription": "Research_KIRWAN",
  "SoftwareVersions": "syngo_MR_B17",
  "MRAcquisitionType": "2D",
  "SeriesDescription": "Temporal_B1",
  "ProtocolName": "Temporal_B1",
  "ScanningSequence": "EP",
  "SequenceVariant": "SK_SS",
  "ScanOptions": "FS",
  "SequenceName": "epfid2d1_100",
  "ImageType": [
    "ORIGINAL",
    "PRIMARY",
    "M",
    "MB",
    "ND",
    "MOSAIC"
  ],
  "SeriesNumber": 3,
  "AcquisitionTime": "09:49:41.882500",
  "AcquisitionNumber": 1,
  "ImageComments": "Unaliased_MB4_PE3_(remote)",
  "SliceThickness": 1.8,
  "SpacingBetweenSlices": 1.8,
  "SAR": 0.0605207,
  "EchoTime": 0.0436,
  "RepetitionTime": 1.7,
  "FlipAngle": 55,
  "PartialFourier": 1,
  "BaseResolution": 100,
  "ShimSetting": [
    -2799,
    -22910,
    2276,
    531,
    161,
    158,
    -236,
    514
  ],
  "TxRefAmp": 320.134,
  "PhaseResolution": 1,
  "ReceiveCoilName": "32Ch_Head",
  "CoilString": "C:HEA;HEP",
  "PulseSequenceDetails": "%CustomerSeq%_cmrr_mbep2d_bold",
  "MultibandAccelerationFactor": 4,
  "PercentPhaseFOV": 100,
  "PhaseEncodingSteps": 100,
  "AcquisitionMatrixPE": 100,
  "ReconMatrixPE": 100,
  "BandwidthPerPixelPhaseEncode": 14.493,
  "EffectiveEchoSpacing": 0.000689988,
  "DerivedVendorReportedEchoSpacing": 0.000689988,
  "TotalReadoutTime": 0.0683088,
  "PixelBandwidth": 1786,
  "DwellTime": 2.8e-06,
  "PhaseEncodingDirection": "j-",
  "SliceTiming": [
    0,
    1.23,
    0.7575,
    0.2825,
    1.515,
    1.0425,
    0.5675,
    0.0925,
    1.325,
    0.8525,
    0.3775,
    1.61,
    1.1375,
    0.6625,
    0.1875,
    1.42,
    0.9475,
    0.4725,
    0,
    1.23,
    0.7575,
    0.2825,
    1.515,
    1.0425,
    0.5675,
    0.0925,
    1.325,
    0.8525,
    0.3775,
    1.61,
    1.1375,
    0.6625,
    0.1875,
    1.42,
    0.9475,
    0.4725,
    0,
    1.23,
    0.7575,
    0.2825,
    1.515,
    1.0425,
    0.5675,
    0.0925,
    1.325,
    0.8525,
    0.3775,
    1.61,
    1.1375,
    0.6625,
    0.1875,
    1.42,
    0.9475,
    0.4725,
    0,
    1.23,
    0.7575,
    0.2825,
    1.515,
    1.0425,
    0.5675,
    0.0925,
    1.325,
    0.8525,
    0.3775,
    1.61,
    1.1375,
    0.6625,
    0.1875,
    1.42,
    0.9475,
    0.4725
  ],
  "ImageOrientationPatientDICOM": [
    0.999998,
    -0.00110735,
    0.00188033,
    -9.79647e-09,
    0.861677,
    0.507458
  ],
  "InPlanePhaseEncodingDirectionDICOM": "COL",
  "ConversionSoftware": "dcm2niix",
  "ConversionSoftwareVersion": "v1.0.20190902",
  "TaskName": "TemporalMST"
}
