{
  "Modality": "MR",
  "MagneticFieldStrength": 3,
  "ImagingFrequency": 123.263,
  "Manufacturer": "Siemens",
  "ManufacturersModelName": "TrioTim",
  "InstitutionName": "Brigham_Young_University",
  "InstitutionalDepartmentName": "MRI",
  "InstitutionAddress": "University_Pkwy_1700_North_685_Provo_336C48_UT_US_84601",
  "DeviceSerialNumber": "35002",
  "StationName": "MRC35002",
  "PatientPosition": "HFS",
  "ProcedureStepDescription": "Research_KIRWAN",
  "SoftwareVersions": "syngo_MR_B17",
  "MRAcquisitionType": "2D",
  "SeriesDescription": "Reverse_Blip_2",
  "ProtocolName": "Reverse_Blip_2",
  "ScanningSequence": "EP",
  "SequenceVariant": "SK_SS",
  "ScanOptions": "FS",
  "SequenceName": "epfid2d1_100",
  "ImageType": [
    "ORIGINAL",
    "PRIMARY",
    "M",
    "MB",
    "ND",
    "MOSAIC"
  ],
  "SeriesNumber": 6,
  "AcquisitionTime": "11:32:49.045000",
  "AcquisitionNumber": 1,
  "ImageComments": "Unaliased_MB4_PE3_(remote)",
  "SliceThickness": 1.8,
  "SpacingBetweenSlices": 1.8,
  "SAR": 0.098016,
  "EchoTime": 0.0452,
  "RepetitionTime": 2.2,
  "FlipAngle": 90,
  "PartialFourier": 1,
  "BaseResolution": 100,
  "ShimSetting": [
    -2782,
    -22902,
    2294,
    663,
    -45,
    247,
    -575,
    373
  ],
  "TxRefAmp": 333.503,
  "PhaseResolution": 1,
  "VendorReportedEchoSpacing": 0.00075,
  "ReceiveCoilName": "32Ch_Head",
  "CoilString": "C:HEA;HEP",
  "PulseSequenceDetails": "%CustomerSeq%_cmrr_mbep2d_bold",
  "MultibandAccelerationFactor": 4,
  "PercentPhaseFOV": 100,
  "PhaseEncodingSteps": 100,
  "AcquisitionMatrixPE": 100,
  "ReconMatrixPE": 100,
  "BandwidthPerPixelPhaseEncode": 13.333,
  "EffectiveEchoSpacing": 0.000750019,
  "DerivedVendorReportedEchoSpacing": 0.000750019,
  "TotalReadoutTime": 0.0742519,
  "PixelBandwidth": 1786,
  "DwellTime": 2.8e-06,
  "PhaseEncodingDirection": "j",
  "SliceTiming": [
    0,
    1.595,
    0.9825,
    0.37,
    1.965,
    1.35,
    0.7375,
    0.125,
    1.72,
    1.105,
    0.4925,
    2.0875,
    1.4725,
    0.86,
    0.2475,
    1.8425,
    1.2275,
    0.615,
    0,
    1.595,
    0.9825,
    0.37,
    1.965,
    1.35,
    0.7375,
    0.125,
    1.72,
    1.105,
    0.4925,
    2.0875,
    1.4725,
    0.86,
    0.2475,
    1.8425,
    1.2275,
    0.615,
    0,
    1.595,
    0.9825,
    0.37,
    1.965,
    1.35,
    0.7375,
    0.125,
    1.72,
    1.105,
    0.4925,
    2.0875,
    1.4725,
    0.86,
    0.2475,
    1.8425,
    1.2275,
    0.615,
    0,
    1.595,
    0.9825,
    0.37,
    1.965,
    1.35,
    0.7375,
    0.125,
    1.72,
    1.105,
    0.4925,
    2.0875,
    1.4725,
    0.86,
    0.2475,
    1.8425,
    1.2275,
    0.615
  ],
  "ImageOrientationPatientDICOM": [
    1,
    0,
    0,
    0,
    0.882948,
    0.469472
  ],
  "InPlanePhaseEncodingDirectionDICOM": "COL",
  "ConversionSoftware": "dcm2niix",
  "ConversionSoftwareVersion": "v1.0.20190902",
  "IntendedFor": [
    "func/sub-5215_task-TemporalMST_run-1_bold.nii.gz",
    "func/sub-5215_task-TemporalMST_run-2_bold.nii.gz",
    "func/sub-5215_task-TemporalMST_run-3_bold.nii.gz"
  ]
}
