{
	"Modality": "MR",
	"MagneticFieldStrength": 3,
	"ImagingFrequency": 123.263,
	"Manufacturer": "Siemens",
	"ManufacturersModelName": "TrioTim",
	"InstitutionName": "Brigham_Young_University",
	"InstitutionalDepartmentName": "MRI",
	"InstitutionAddress": "University_Pkwy_1700_North_685_Provo_336C48_UT_US_84601",
	"DeviceSerialNumber": "35002",
	"StationName": "MRC35002",
	"PatientPosition": "HFS",
	"ProcedureStepDescription": "Research_KIRWAN",
	"SoftwareVersions": "syngo_MR_B17",
	"MRAcquisitionType": "2D",
	"SeriesDescription": "HHR_struct_MODIFIED",
	"ProtocolName": "HHR_struct_MODIFIED",
	"ScanningSequence": "SE",
	"SequenceVariant": "SK_SP_OSP",
	"SequenceName": "_tse2d1_15",
	"ImageType": ["ORIGINAL", "PRIMARY", "M", "ND"],
	"SeriesNumber": 10,
	"AcquisitionTime": "18:55:10.877500",
	"AcquisitionNumber": 1,
	"SliceThickness": 2,
	"SpacingBetweenSlices": 2,
	"SAR": 0.681314,
	"EchoTime": 0.08,
	"RepetitionTime": 8.02,
	"FlipAngle": 150,
	"PartialFourier": 1,
	"BaseResolution": 384,
	"ShimSetting": [
		-2746,
		-22654,
		2225,
		792,
		207,
		1486,
		-1153,
		216	],
	"TxRefAmp": 338.689,
	"PhaseResolution": 1,
	"PhaseOversampling": 0.99,
	"ReceiveCoilName": "32Ch_Head",
	"CoilString": "C:HEA;HEP",
	"PulseSequenceDetails": "%SiemensSeq%_tse",
	"PercentPhaseFOV": 100,
	"EchoTrainLength": 15,
	"PhaseEncodingSteps": 765,
	"AcquisitionMatrixPE": 384,
	"ReconMatrixPE": 384,
	"PixelBandwidth": 99,
	"DwellTime": 1.32e-05,
	"PhaseEncodingDirection": "i",
	"SliceTiming": [
		4.01562,
		0,
		4.28125,
		0.26562,
		4.5625,
		0.53125,
		4.82812,
		0.79688,
		5.09375,
		1.0625,
		5.35938,
		1.32812,
		5.625,
		1.60938,
		5.89062,
		1.875,
		6.17188,
		2.14062,
		6.4375,
		2.40625,
		6.70312,
		2.67188,
		6.96875,
		2.95312,
		7.23438,
		3.21875,
		7.51562,
		3.48438,
		7.78125,
		3.75	],
	"ImageOrientationPatientDICOM": [
		0.999971,
		0.0076419,
		2.79069e-10,
		-0.00310817,
		0.406715,
		-0.91355	],
	"InPlanePhaseEncodingDirectionDICOM": "ROW",
	"ConversionSoftware": "dcm2niix",
	"ConversionSoftwareVersion": "v1.0.20190902"
}
