{
  "Modality": "MR",
  "MagneticFieldStrength": 3,
  "ImagingFrequency": 123.263,
  "Manufacturer": "Siemens",
  "ManufacturersModelName": "TrioTim",
  "InstitutionName": "Brigham_Young_University",
  "InstitutionalDepartmentName": "MRI",
  "InstitutionAddress": "University_Pkwy_1700_North_685_Provo_336C48_UT_US_84601",
  "DeviceSerialNumber": "35002",
  "StationName": "MRC35002",
  "PatientPosition": "HFS",
  "ProcedureStepDescription": "Research_KIRWAN",
  "SoftwareVersions": "syngo_MR_B17",
  "MRAcquisitionType": "2D",
  "SeriesDescription": "Temporal_B1",
  "ProtocolName": "Temporal_B1",
  "ScanningSequence": "EP",
  "SequenceVariant": "SK_SS",
  "ScanOptions": "FS",
  "SequenceName": "epfid2d1_100",
  "ImageType": [
    "ORIGINAL",
    "PRIMARY",
    "M",
    "MB",
    "ND",
    "MOSAIC"
  ],
  "SeriesNumber": 3,
  "AcquisitionTime": "17:03:28.710000",
  "AcquisitionNumber": 1,
  "ImageComments": "Unaliased_MB4_PE3_(remote)",
  "SliceThickness": 1.8,
  "SpacingBetweenSlices": 1.8,
  "SAR": 0.0669318,
  "EchoTime": 0.0436,
  "RepetitionTime": 1.7,
  "FlipAngle": 55,
  "PartialFourier": 1,
  "BaseResolution": 100,
  "ShimSetting": [
    -2746,
    -22918,
    2216,
    581,
    151,
    420,
    -396,
    356
  ],
  "TxRefAmp": 336.431,
  "PhaseResolution": 1,
  "ReceiveCoilName": "32Ch_Head",
  "CoilString": "C:HEA;HEP",
  "PulseSequenceDetails": "%CustomerSeq%_cmrr_mbep2d_bold",
  "MultibandAccelerationFactor": 4,
  "PercentPhaseFOV": 100,
  "PhaseEncodingSteps": 100,
  "AcquisitionMatrixPE": 100,
  "ReconMatrixPE": 100,
  "BandwidthPerPixelPhaseEncode": 14.493,
  "EffectiveEchoSpacing": 0.000689988,
  "DerivedVendorReportedEchoSpacing": 0.000689988,
  "TotalReadoutTime": 0.0683088,
  "PixelBandwidth": 1786,
  "DwellTime": 2.8e-06,
  "PhaseEncodingDirection": "j-",
  "SliceTiming": [
    0,
    1.2325,
    0.7575,
    0.285,
    1.5175,
    1.0425,
    0.57,
    0.095,
    1.3275,
    0.8525,
    0.38,
    1.6125,
    1.1375,
    0.6625,
    0.19,
    1.4225,
    0.9475,
    0.475,
    0,
    1.2325,
    0.7575,
    0.285,
    1.5175,
    1.0425,
    0.57,
    0.095,
    1.3275,
    0.8525,
    0.38,
    1.6125,
    1.1375,
    0.6625,
    0.19,
    1.4225,
    0.9475,
    0.475,
    0,
    1.2325,
    0.7575,
    0.285,
    1.5175,
    1.0425,
    0.57,
    0.095,
    1.3275,
    0.8525,
    0.38,
    1.6125,
    1.1375,
    0.6625,
    0.19,
    1.4225,
    0.9475,
    0.475,
    0,
    1.2325,
    0.7575,
    0.285,
    1.5175,
    1.0425,
    0.57,
    0.095,
    1.3275,
    0.8525,
    0.38,
    1.6125,
    1.1375,
    0.6625,
    0.19,
    1.4225,
    0.9475,
    0.475
  ],
  "ImageOrientationPatientDICOM": [
    0.999789,
    0.0125187,
    -0.0162847,
    -9.96786e-09,
    0.792812,
    0.609466
  ],
  "InPlanePhaseEncodingDirectionDICOM": "COL",
  "ConversionSoftware": "dcm2niix",
  "ConversionSoftwareVersion": "v1.0.20190902",
  "TaskName": "TemporalMST"
}
